GEM
  remote: https://rubygems.org/
  specs:
    mysql2 (0.5.2)

PLATFORMS
  ruby

DEPENDENCIES
  mysql2

BUNDLED WITH
   1.17.1
